PATH
  remote: .
  specs:
    electronic_targets (0.0.1)
      sequel (~> 3.43)
      sqlite3 (~> 1.3)

GEM
  remote: https://rubygems.org/
  specs:
    cane (2.5.2)
      parallel
    diff-lcs (1.2.4)
    json (1.7.7)
    multi_json (1.7.3)
    parallel (0.6.5)
    rake (10.0.4)
    rspec (2.13.0)
      rspec-core (~> 2.13.0)
      rspec-expectations (~> 2.13.0)
      rspec-mocks (~> 2.13.0)
    rspec-core (2.13.1)
    rspec-expectations (2.13.0)
      diff-lcs (>= 1.1.3, < 2.0)
    rspec-mocks (2.13.1)
    sequel (3.47.0)
    simplecov (0.7.1)
      multi_json (~> 1.0)
      simplecov-html (~> 0.7.1)
    simplecov-html (0.7.1)
    sqlite3 (1.3.7)

PLATFORMS
  ruby

DEPENDENCIES
  cane
  electronic_targets!
  json (~> 1.7)
  rake
  rspec
  simplecov
