PATH
  remote: .
  specs:
    shooting-stats (0.0.1)
      sequel (~> 3.43)
      sqlite3 (~> 1.3)
      statsample (~> 1.2)

GEM
  remote: https://rubygems.org/
  specs:
    cane (2.5.2)
      parallel
    clbustos-rtf (0.4.2)
    diff-lcs (1.2.2)
    dirty-memoize (0.0.4)
    distribution (0.7.0)
    extendmatrix (0.3.1)
    fastercsv (1.5.5)
    minimization (0.2.1)
      text-table (~> 1.2)
    multi_json (1.7.2)
    parallel (0.6.4)
    prawn (0.8.4)
      prawn-core (>= 0.8.4, < 0.9)
      prawn-layout (>= 0.8.4, < 0.9)
      prawn-security (>= 0.8.4, < 0.9)
    prawn-core (0.8.4)
    prawn-layout (0.8.4)
    prawn-security (0.8.4)
    prawn-svg (0.9.1.11)
      prawn (>= 0.8.4)
    rake (10.0.4)
    reportbuilder (1.4.2)
      clbustos-rtf (~> 0.4.0)
      prawn (~> 0.8.4)
      prawn-svg (~> 0.9.1)
      text-table (~> 1.2)
    rserve-client (0.2.5)
    rspec (2.13.0)
      rspec-core (~> 2.13.0)
      rspec-expectations (~> 2.13.0)
      rspec-mocks (~> 2.13.0)
    rspec-core (2.13.1)
    rspec-expectations (2.13.0)
      diff-lcs (>= 1.1.3, < 2.0)
    rspec-mocks (2.13.0)
    ruby-ole (1.2.11.6)
    rubyvis (0.5.2)
    sequel (3.45.0)
    simplecov (0.7.1)
      multi_json (~> 1.0)
      simplecov-html (~> 0.7.1)
    simplecov-html (0.7.1)
    spreadsheet (0.6.9)
      ruby-ole (>= 1.0)
    sqlite3 (1.3.7)
    statsample (1.2.0)
      dirty-memoize (~> 0.0)
      distribution (~> 0.6)
      extendmatrix (~> 0.3.1)
      fastercsv (> 0)
      minimization (~> 0.2.0)
      reportbuilder (~> 1.4)
      rserve-client (~> 0.2.5)
      rubyvis (~> 0.5)
      spreadsheet (~> 0.6.5)
      statsample-bivariate-extension (> 0)
    statsample-bivariate-extension (1.1.0)
      distribution (~> 0.6)
    text-table (1.2.2)

PLATFORMS
  ruby

DEPENDENCIES
  cane
  rake
  rspec
  shooting-stats!
  simplecov
